GEM
  remote: http://rubygems.org/
  specs:
    albacore (3.0.1)
      map (~> 6.5)
      nokogiri (~> 1.5)
      rake (~> 10)
      semver2 (~> 3.4)
    map (6.6.0)
    mini_portile2 (2.8.1)
    nokogiri (1.13.10)
      mini_portile2 (~> 2.8.0)
      racc (~> 1.4)
    nokogiri (1.13.10-x64-mingw32)
      racc (~> 1.4)
    os (1.0.0)
    racc (1.6.2)
    rake (10.5.0)
    semver2 (3.4.2)

PLATFORMS
  ruby
  x64-mingw32

DEPENDENCIES
  albacore
  nokogiri
  os

BUNDLED WITH
   1.13.7
